GEM
  remote: https://rubygems.org/
  specs:
    pg (1.6.0-aarch64-linux)
    pg (1.6.0-arm64-darwin)
    pg (1.6.0-x86_64-linux)
    power_assert (2.0.3)
    test-unit (3.6.1)
      power_assert

PLATFORMS
  aarch64-linux
  arm64-darwin-22
  x86_64-linux-gnu

DEPENDENCIES
  pg (~> 1.6.0)
  test-unit (~> 3.6.1)

BUNDLED WITH
   2.4.10
